GEM
  remote: https://rubygems.org/
  specs:
    dotenv (0.9.0)
    newrelic_rpm (3.7.0.177)
    rack (1.5.2)

PLATFORMS
  ruby

DEPENDENCIES
  dotenv
  newrelic_rpm
  rack
